GEM
  remote: https://rubygems.org/
  specs:
    base64 (0.2.0)
    bigdecimal (3.1.6)
    haml (6.3.0)
      temple (>= 0.8.2)
      thor
      tilt
    multi_json (1.15.0)
    mustermann (3.0.0)
      ruby2_keywords (~> 0.0.1)
    nio4r (2.7.0)
    puma (6.4.2)
      nio4r (~> 2.0)
    rack (3.0.8)
    rack-protection (4.0.0)
      base64 (>= 0.1.0)
      rack (>= 3.0.0, < 4)
    rack-session (2.0.0)
      rack (>= 3.0.0)
    ruby2_keywords (0.0.5)
    sequel (5.76.0)
      bigdecimal
    sinatra (4.0.0)
      mustermann (~> 3.0)
      rack (>= 3.0.0, < 4)
      rack-protection (= 4.0.0)
      rack-session (>= 2.0.0, < 3)
      tilt (~> 2.0)
    sinatra-contrib (4.0.0)
      multi_json (>= 0.0.2)
      mustermann (~> 3.0)
      rack-protection (= 4.0.0)
      sinatra (= 4.0.0)
      tilt (~> 2.0)
    temple (0.10.3)
    thor (1.3.0)
    tilt (2.3.0)

PLATFORMS
  x86_64-linux

DEPENDENCIES
  haml (~> 6.3)
  puma (~> 6.4)
  sequel (~> 5.76)
  sinatra (~> 4.0)
  sinatra-contrib

BUNDLED WITH
   2.5.4
